GEM
  remote: https://rubygems.org/
  specs:
<<<<<<< HEAD
    activemodel (4.2.0)
      activesupport (= 4.2.0)
      builder (~> 3.1)
    activerecord (4.2.0)
      activemodel (= 4.2.0)
      activesupport (= 4.2.0)
      arel (~> 6.0)
    activesupport (4.2.0)
      i18n (~> 0.7)
      json (~> 1.7, >= 1.7.7)
      minitest (~> 5.1)
      thread_safe (~> 0.3, >= 0.3.4)
      tzinfo (~> 1.1)
    arel (6.0.0)
    backports (3.6.4)
    bcrypt (3.1.10)
    bcrypt (3.1.10-x64-mingw32)
=======
    activemodel (4.1.1)
      activesupport (= 4.1.1)
      builder (~> 3.1)
    activerecord (4.1.1)
      activemodel (= 4.1.1)
      activesupport (= 4.1.1)
      arel (~> 5.0.0)
    activesupport (4.1.1)
      i18n (~> 0.6, >= 0.6.9)
      json (~> 1.7, >= 1.7.7)
      minitest (~> 5.1)
      thread_safe (~> 0.1)
      tzinfo (~> 1.1)
    arel (5.0.1.20140414130214)
    backports (3.6.0)
    bcrypt (3.1.7)
>>>>>>> 855169fbfdd4cc00491330c00fdba1ec03e7513a
    builder (3.2.2)
    capybara (2.4.4)
      mime-types (>= 1.16)
      nokogiri (>= 1.3.3)
      rack (>= 1.0.0)
      rack-test (>= 0.5.4)
      xpath (~> 2.0)
<<<<<<< HEAD
    celluloid (0.16.0)
      timers (~> 4.0.0)
    daemons (1.1.9)
    diff-lcs (1.2.5)
    eventmachine (1.0.6)
    factory_girl (4.5.0)
      activesupport (>= 3.0.0)
    faker (1.4.3)
      i18n (~> 0.5)
    ffi (1.9.6)
    ffi (1.9.6-x64-mingw32)
    gravatarify (3.0.0)
    hitimes (1.2.2)
    i18n (0.7.0)
    json (1.8.2)
    listen (2.8.5)
      celluloid (>= 0.15.2)
      rb-fsevent (>= 0.9.3)
      rb-inotify (>= 0.9)
    mime-types (2.4.3)
    mini_portile (0.6.2)
    minitest (5.5.1)
    multi_json (1.10.1)
    nokogiri (1.6.6.2)
      mini_portile (~> 0.6.0)
    nokogiri (1.6.6.2-x64-mingw32)
      mini_portile (~> 0.6.0)
    pg (0.18.1)
    pg (0.18.1-x64-mingw32)
    rack (1.6.0)
    rack-protection (1.5.3)
      rack
    rack-test (0.6.3)
      rack (>= 1.0)
    rake (10.4.2)
    rb-fsevent (0.9.4)
    rb-inotify (0.9.5)
      ffi (>= 0.5.0)
    rerun (0.10.0)
      listen (~> 2.7, >= 2.7.3)
    rspec (3.2.0)
      rspec-core (~> 3.2.0)
      rspec-expectations (~> 3.2.0)
      rspec-mocks (~> 3.2.0)
    rspec-core (3.2.0)
      rspec-support (~> 3.2.0)
    rspec-expectations (3.2.0)
      diff-lcs (>= 1.2.0, < 2.0)
      rspec-support (~> 3.2.0)
    rspec-mocks (3.2.0)
      diff-lcs (>= 1.2.0, < 2.0)
      rspec-support (~> 3.2.0)
    rspec-support (3.2.1)
=======
    daemons (1.1.9)
    diff-lcs (1.2.5)
    eventmachine (1.0.3)
    faker (1.3.0)
      i18n (~> 0.5)
    i18n (0.6.9)
    json (1.8.1)
    mime-types (2.4.3)
    mini_portile (0.6.2)
    minitest (5.3.4)
    multi_json (1.10.1)
    nokogiri (1.6.6.2)
      mini_portile (~> 0.6.0)
    pg (0.17.1)
    rack (1.5.2)
    rack-protection (1.5.3)
      rack
    rack-test (0.6.2)
      rack (>= 1.0)
    rake (10.3.2)
    rspec (2.14.1)
      rspec-core (~> 2.14.0)
      rspec-expectations (~> 2.14.0)
      rspec-mocks (~> 2.14.0)
    rspec-core (2.14.8)
    rspec-expectations (2.14.5)
      diff-lcs (>= 1.1.3, < 2.0)
    rspec-mocks (2.14.6)
>>>>>>> 855169fbfdd4cc00491330c00fdba1ec03e7513a
    shotgun (0.9)
      rack (>= 1.0)
    shoulda-matchers (2.8.0)
      activesupport (>= 3.0.0)
    sinatra (1.4.5)
      rack (~> 1.4)
      rack-protection (~> 1.4)
      tilt (~> 1.3, >= 1.3.4)
    sinatra-contrib (1.4.2)
      backports (>= 2.0)
      multi_json
      rack-protection
      rack-test
      sinatra (~> 1.4.0)
      tilt (~> 1.3)
<<<<<<< HEAD
    thin (1.6.3)
      daemons (~> 1.0, >= 1.0.9)
      eventmachine (~> 1.0)
      rack (~> 1.0)
    thread_safe (0.3.4)
    tilt (1.4.1)
    timers (4.0.1)
      hitimes
    tzinfo (1.2.2)
=======
    sinatra-partial (0.4.0)
      sinatra
    thin (1.6.2)
      daemons (>= 1.0.9)
      eventmachine (>= 1.0.0)
      rack (>= 1.0.0)
    thread_safe (0.3.3)
    tilt (1.4.1)
    tzinfo (1.1.0)
>>>>>>> 855169fbfdd4cc00491330c00fdba1ec03e7513a
      thread_safe (~> 0.1)
    xpath (2.0.0)
      nokogiri (~> 1.3)

PLATFORMS
  ruby
<<<<<<< HEAD
  x64-mingw32
=======
>>>>>>> 855169fbfdd4cc00491330c00fdba1ec03e7513a

DEPENDENCIES
  activerecord (~> 4.1)
  activesupport (~> 4.1)
  bcrypt
  capybara
<<<<<<< HEAD
  factory_girl
  faker
  gravatarify (~> 3.0.0)
  pg
  rack-test
  rake
  rerun
=======
  faker
  pg
  rack-test
  rake
>>>>>>> 855169fbfdd4cc00491330c00fdba1ec03e7513a
  rspec
  shotgun
  shoulda-matchers
  sinatra
  sinatra-contrib
<<<<<<< HEAD
=======
  sinatra-partial
>>>>>>> 855169fbfdd4cc00491330c00fdba1ec03e7513a
  thin
